GEM
  remote: https://rubygems.org/
  specs:
    rack (1.6.5)
    rack-protection (1.5.3)
      rack
    sequel (4.43.0)
    sinatra (1.4.8)
      rack (~> 1.5)
      rack-protection (~> 1.4)
      tilt (>= 1.3, < 3)
    sqlite3 (1.3.13-x64-mingw32)
    tilt (2.0.6)

PLATFORMS
  x64-mingw32

DEPENDENCIES
  sequel
  sinatra
  sqlite3

BUNDLED WITH
   1.13.6
